GIT
  remote: git://github.com/plataformatec/devise.git
  revision: bcdd54cc5ebd3413eeb3d17e3b634e8ace0d09f3
  branch: master
  specs:
    devise (4.1.0)
      bcrypt (~> 3.0)
      orm_adapter (~> 0.1)
      railties (>= 4.1.0, < 5.1)
      responders
      warden (~> 1.2.3)

GIT
  remote: git://github.com/rails-api/active_model_serializers.git
  revision: 7fc89ec393f85f518f93695163744ae7dca1be9d
  tag: v0.10.0.rc4
  specs:
    active_model_serializers (0.10.0.rc4)
      actionpack (>= 4.0)
      activemodel (>= 4.0)
      railties (>= 4.0)

GIT
  remote: git://github.com/rails/arel.git
  revision: 6d2254ae4ac5a361c041783d742292acfa58e363
  specs:
    arel (7.0.1.pre)

GIT
  remote: git://github.com/rails/rails.git
  revision: 66ebbc4952f6cfb37d719f63036441ef98149418
  specs:
    actioncable (5.1.0.alpha)
      actionpack (= 5.1.0.alpha)
      nio4r (~> 1.2)
      websocket-driver (~> 0.6.1)
    actionmailer (5.1.0.alpha)
      actionpack (= 5.1.0.alpha)
      actionview (= 5.1.0.alpha)
      activejob (= 5.1.0.alpha)
      mail (~> 2.5, >= 2.5.4)
      rails-dom-testing (~> 2.0)
    actionpack (5.1.0.alpha)
      actionview (= 5.1.0.alpha)
      activesupport (= 5.1.0.alpha)
      rack (~> 2.x)
      rack-test (~> 0.6.3)
      rails-dom-testing (~> 2.0)
      rails-html-sanitizer (~> 1.0, >= 1.0.2)
    actionview (5.1.0.alpha)
      activesupport (= 5.1.0.alpha)
      builder (~> 3.1)
      erubis (~> 2.7.0)
      rails-dom-testing (~> 2.0)
      rails-html-sanitizer (~> 1.0, >= 1.0.2)
    activejob (5.1.0.alpha)
      activesupport (= 5.1.0.alpha)
      globalid (>= 0.3.6)
    activemodel (5.1.0.alpha)
      activesupport (= 5.1.0.alpha)
    activerecord (5.1.0.alpha)
      activemodel (= 5.1.0.alpha)
      activesupport (= 5.1.0.alpha)
      arel (~> 7.0)
    activesupport (5.1.0.alpha)
      concurrent-ruby (~> 1.0, >= 1.0.2)
      i18n (~> 0.7)
      minitest (~> 5.1)
      tzinfo (~> 1.1)
    rails (5.1.0.alpha)
      actioncable (= 5.1.0.alpha)
      actionmailer (= 5.1.0.alpha)
      actionpack (= 5.1.0.alpha)
      actionview (= 5.1.0.alpha)
      activejob (= 5.1.0.alpha)
      activemodel (= 5.1.0.alpha)
      activerecord (= 5.1.0.alpha)
      activesupport (= 5.1.0.alpha)
      bundler (>= 1.3.0, < 2.0)
      railties (= 5.1.0.alpha)
      sprockets-rails (>= 2.0.0)
    railties (5.1.0.alpha)
      actionpack (= 5.1.0.alpha)
      activesupport (= 5.1.0.alpha)
      method_source
      rake (>= 0.8.7)
      thor (>= 0.18.1, < 2.0)

GIT
  remote: git://github.com/rails/sprockets-rails.git
  revision: b4f9006c7ff5ccd74b467c1b81e721c15dd5daf7
  specs:
    sprockets-rails (3.0.4)
      actionpack (>= 4.0)
      activesupport (>= 4.0)
      sprockets (>= 3.0.0)

GEM
  remote: https://rubygems.org/
  specs:
    bcrypt (3.1.11)
    builder (3.2.2)
    byebug (9.0.5)
    concurrent-ruby (1.0.2)
    erubis (2.7.0)
    ffi (1.9.10)
    globalid (0.3.6)
      activesupport (>= 4.1.0)
    i18n (0.7.0)
    json (1.8.3)
    listen (3.0.8)
      rb-fsevent (~> 0.9, >= 0.9.4)
      rb-inotify (~> 0.9, >= 0.9.7)
    loofah (2.0.3)
      nokogiri (>= 1.5.9)
    mail (2.6.4)
      mime-types (>= 1.16, < 4)
    method_source (0.8.2)
    mime-types (3.1)
      mime-types-data (~> 3.2015)
    mime-types-data (3.2016.0521)
    mini_portile2 (2.0.0)
    minitest (5.9.0)
    mysql2 (0.3.21)
    nio4r (1.2.1)
    nokogiri (1.6.7.2)
      mini_portile2 (~> 2.0.0.rc2)
    orm_adapter (0.5.0)
    pg (0.18.1)
    puma (3.4.0)
    rack (2.0.0.rc1)
      json
    rack-cors (0.4.0)
    rack-test (0.6.3)
      rack (>= 1.0)
    rails-dom-testing (2.0.1)
      activesupport (>= 4.2.0, < 6.0)
      nokogiri (~> 1.6.0)
    rails-html-sanitizer (1.0.3)
      loofah (~> 2.0)
    rails_12factor (0.0.2)
      rails_serve_static_assets
      rails_stdout_logging
    rails_serve_static_assets (0.0.5)
    rails_stdout_logging (0.0.5)
    rake (11.1.2)
    rb-fsevent (0.9.7)
    rb-inotify (0.9.7)
      ffi (>= 0.5.0)
    responders (2.2.0)
      railties (>= 4.2.0, < 5.1)
    sprockets (3.6.0)
      concurrent-ruby (~> 1.0)
      rack (> 1, < 3)
    thor (0.19.1)
    thread_safe (0.3.5)
    tzinfo (1.2.2)
      thread_safe (~> 0.1)
    warden (1.2.6)
      rack (>= 1.0)
    websocket-driver (0.6.4)
      websocket-extensions (>= 0.1.0)
    websocket-extensions (0.1.2)

PLATFORMS
  ruby

DEPENDENCIES
  active_model_serializers!
  arel!
  byebug
  devise!
  listen (~> 3.0.5)
  mysql2 (~> 0.3.18)
  pg (= 0.18.1)
  puma
  rack-cors
  rails!
  rails_12factor (= 0.0.2)
  sprockets-rails!

BUNDLED WITH
   1.11.2
